PATH
  remote: .
  specs:
    production_data (0.0.0)
      highline (>= 1.5.2)

GEM
  remote: http://rubygems.org/
  specs:
    highline (1.6.11)

PLATFORMS
  ruby

DEPENDENCIES
  production_data!
